NUGET
  remote: https://api.nuget.org/v3/index.json
    FluentAssertions (4.19.4) - restriction: >= net462
    MahApps.Metro (1.5) - restriction: >= net452
    Microsoft.NETCore.Platforms (2.0) - restriction: || (&& (< net45) (>= net452) (>= netstandard1.3) (< netstandard1.4)) (&& (< net45) (>= net452) (>= netstandard1.4) (< netstandard1.5)) (&& (< net45) (>= net452) (>= netstandard1.5)) (&& (>= net452) (>= uap10.0)) (&& (>= net452) (< netstandard1.0)) (&& (>= net452) (< netstandard1.3)) (&& (>= net452) (>= netstandard1.6)) (&& (>= net452) (< portable-net45+win8+wpa81)) (&& (>= net452) (< portable-net451+win81+wpa81)) (&& (>= net46) (< netstandard1.4)) (>= net461)
    Microsoft.Win32.Primitives (4.3) - restriction: || (&& (< net45) (>= net452) (>= netstandard1.3) (< netstandard1.4)) (&& (< net45) (>= net452) (>= netstandard1.4) (< netstandard1.5)) (&& (< net45) (>= net452) (>= netstandard1.5)) (&& (>= net452) (>= uap10.0)) (&& (>= net452) (>= netstandard1.6)) (&& (>= net46) (< netstandard1.4))
    NETStandard.Library (2.0) - restriction: >= net452
      Microsoft.NETCore.Platforms (>= 1.1) - restriction: || (&& (>= net45) (< portable-net451+win81+wpa81)) (&& (< net45) (>= netstandard1.1) (< portable-net451+win81+wpa81)) (&& (< net45) (>= netstandard1.2) (< netstandard1.3) (< monoandroid) (< wpa81)) (&& (< net45) (>= netstandard1.3) (< netstandard1.4) (< monoandroid) (< wpa81)) (&& (< net45) (>= netstandard1.4) (< netstandard1.5) (< monoandroid) (< wpa81)) (&& (< net45) (>= netstandard1.5) (< monoandroid)) (&& (>= net451) (< netstandard1.3)) (&& (>= net46) (< netstandard1.4)) (>= net461) (>= uap10.0) (&& (>= netstandard1.0) (< portable-net45+win8+wpa81)) (&& (< netstandard1.0) (>= monoandroid)) (&& (< netstandard1.0) (< monoandroid) (>= portable-net451+win81+wpa81)) (&& (< netstandard1.0) (>= portable-net45+win8+wpa81) (< portable-net451+win81+wpa81)) (&& (< netstandard1.0) (< portable-net45+win8+wpa81) (>= portable-net45+win8+wp8+wpa81)) (&& (< netstandard1.3) (>= wpa81)) (>= netstandard1.6)
      Microsoft.Win32.Primitives (>= 4.3) - restriction: || (&& (< net45) (>= netstandard1.3) (< netstandard1.4) (< monoandroid) (< wpa81)) (&& (< net45) (>= netstandard1.4) (< netstandard1.5) (< monoandroid) (< wpa81)) (&& (< net45) (>= netstandard1.5) (< netstandard1.6) (< monoandroid)) (&& (>= net46) (< netstandard1.4)) (&& (>= uap10.0) (< uap10.1)) (&& (>= netstandard1.6) (< netstandard2.0) (< monotouch) (< xamarintvos) (< xamarinwatchos) (< xamarinios) (< xamarinmac))
      System.AppContext (>= 4.3) - restriction: || (&& (< net45) (>= netstandard1.3) (< netstandard1.4) (< monoandroid) (< wpa81)) (&& (< net45) (>= netstandard1.4) (< netstandard1.5) (< monoandroid) (< wpa81)) (&& (< net45) (>= netstandard1.5) (< netstandard1.6) (< monoandroid)) (&& (>= net46) (< netstandard1.4)) (&& (>= uap10.0) (< uap10.1)) (&& (>= netstandard1.6) (< netstandard2.0) (< monotouch) (< xamarintvos) (< xamarinwatchos) (< xamarinios) (< xamarinmac))
      System.Console (>= 4.3) - restriction: || (&& (< net45) (>= netstandard1.3) (< netstandard1.4) (< monoandroid) (< wpa81)) (&& (< net45) (>= netstandard1.4) (< netstandard1.5) (< monoandroid) (< wpa81)) (&& (< net45) (>= netstandard1.5) (< netstandard1.6) (< monoandroid)) (&& (>= net46) (< netstandard1.4)) (&& (>= uap10.0) (< uap10.1)) (&& (>= netstandard1.6) (< netstandard2.0) (< monotouch) (< xamarintvos) (< xamarinwatchos) (< xamarinios) (< xamarinmac))
      System.Globalization.Calendars (>= 4.3) - restriction: || (&& (< net45) (>= netstandard1.3) (< netstandard1.4) (< monoandroid) (< wpa81)) (&& (< net45) (>= netstandard1.4) (< netstandard1.5) (< monoandroid) (< wpa81)) (&& (< net45) (>= netstandard1.5) (< netstandard1.6) (< monoandroid)) (&& (>= net46) (< netstandard1.4)) (&& (>= uap10.0) (< uap10.1)) (&& (>= netstandard1.6) (< netstandard2.0) (< monotouch) (< xamarintvos) (< xamarinwatchos) (< xamarinios) (< xamarinmac))
      System.IO.Compression (>= 4.3) - restriction: || (&& (< net45) (>= netstandard1.1) (< portable-net451+win81+wpa81)) (&& (< net45) (>= netstandard1.2) (< netstandard1.3) (< monoandroid) (< wpa81)) (&& (< net45) (>= netstandard1.3) (< netstandard1.4) (< monoandroid) (< wpa81)) (&& (< net45) (>= netstandard1.4) (< netstandard1.5) (< monoandroid) (< wpa81)) (&& (< net45) (>= netstandard1.5) (< netstandard1.6) (< monoandroid)) (&& (>= net46) (< netstandard1.4)) (&& (>= uap10.0) (< uap10.1)) (&& (>= netstandard1.6) (< netstandard2.0) (< monotouch) (< xamarintvos) (< xamarinwatchos) (< xamarinios) (< xamarinmac))
      System.IO.Compression.ZipFile (>= 4.3) - restriction: || (&& (< net45) (>= netstandard1.3) (< netstandard1.4) (< monoandroid) (< wpa81)) (&& (< net45) (>= netstandard1.4) (< netstandard1.5) (< monoandroid) (< wpa81)) (&& (< net45) (>= netstandard1.5) (< netstandard1.6) (< monoandroid)) (&& (>= net46) (< netstandard1.4)) (&& (>= uap10.0) (< uap10.1)) (&& (>= netstandard1.6) (< netstandard2.0) (< monotouch) (< xamarintvos) (< xamarinwatchos) (< xamarinios) (< xamarinmac))
      System.IO.FileSystem (>= 4.3) - restriction: || (&& (< net45) (>= netstandard1.3) (< netstandard1.4) (< monoandroid) (< wpa81)) (&& (< net45) (>= netstandard1.4) (< netstandard1.5) (< monoandroid) (< wpa81)) (&& (< net45) (>= netstandard1.5) (< netstandard1.6) (< monoandroid)) (&& (>= net46) (< netstandard1.4)) (&& (>= uap10.0) (< uap10.1)) (&& (>= netstandard1.6) (< netstandard2.0) (< monotouch) (< xamarintvos) (< xamarinwatchos) (< xamarinios) (< xamarinmac))
      System.IO.FileSystem.Primitives (>= 4.3) - restriction: || (&& (< net45) (>= netstandard1.3) (< netstandard1.4) (< monoandroid) (< wpa81)) (&& (< net45) (>= netstandard1.4) (< netstandard1.5) (< monoandroid) (< wpa81)) (&& (< net45) (>= netstandard1.5) (< netstandard1.6) (< monoandroid)) (&& (>= net46) (< netstandard1.4)) (&& (>= uap10.0) (< uap10.1)) (&& (>= netstandard1.6) (< netstandard2.0) (< monotouch) (< xamarintvos) (< xamarinwatchos) (< xamarinios) (< xamarinmac))
      System.Net.Http (>= 4.3.2) - restriction: || (&& (< net45) (>= netstandard1.1) (< portable-net451+win81+wpa81)) (&& (< net45) (>= netstandard1.2) (< netstandard1.3) (< monoandroid) (< wpa81)) (&& (< net45) (>= netstandard1.3) (< netstandard1.4) (< monoandroid) (< wpa81)) (&& (< net45) (>= netstandard1.4) (< netstandard1.5) (< monoandroid) (< wpa81)) (&& (< net45) (>= netstandard1.5) (< netstandard1.6) (< monoandroid)) (&& (>= net46) (< netstandard1.4)) (&& (>= uap10.0) (< uap10.1)) (&& (>= netstandard1.6) (< netstandard2.0) (< monotouch) (< xamarintvos) (< xamarinwatchos) (< xamarinios) (< xamarinmac))
      System.Net.Sockets (>= 4.3) - restriction: || (&& (< net45) (>= netstandard1.3) (< netstandard1.4) (< monoandroid) (< wpa81)) (&& (< net45) (>= netstandard1.4) (< netstandard1.5) (< monoandroid) (< wpa81)) (&& (< net45) (>= netstandard1.5) (< netstandard1.6) (< monoandroid)) (&& (>= net46) (< netstandard1.4)) (&& (>= uap10.0) (< uap10.1)) (&& (>= netstandard1.6) (< netstandard2.0) (< monotouch) (< xamarintvos) (< xamarinwatchos) (< xamarinios) (< xamarinmac))
      System.Runtime.InteropServices.RuntimeInformation (>= 4.3) - restriction: || (&& (>= net45) (< portable-net451+win81+wpa81)) (&& (< net45) (>= netstandard1.1) (< portable-net451+win81+wpa81)) (&& (< net45) (>= netstandard1.2) (< netstandard1.3) (< monoandroid) (< wpa81)) (&& (< net45) (>= netstandard1.3) (< netstandard1.4) (< monoandroid) (< wpa81)) (&& (< net45) (>= netstandard1.4) (< netstandard1.5) (< monoandroid) (< wpa81)) (&& (< net45) (>= netstandard1.5) (< netstandard1.6) (< monoandroid)) (&& (>= net451) (< netstandard1.3)) (&& (>= net46) (< netstandard1.4)) (&& (>= uap10.0) (< uap10.1)) (&& (< netstandard1.0) (< monoandroid) (>= portable-net451+win81+wpa81)) (&& (< netstandard1.0) (>= portable-net45+win8+wpa81) (< portable-net451+win81+wpa81)) (&& (< netstandard1.3) (>= wpa81)) (&& (>= netstandard1.6) (< netstandard2.0) (< monotouch) (< xamarintvos) (< xamarinwatchos) (< xamarinios) (< xamarinmac))
      System.Security.Cryptography.Algorithms (>= 4.3) - restriction: || (&& (< net45) (>= netstandard1.3) (< netstandard1.4) (< monoandroid) (< wpa81)) (&& (< net45) (>= netstandard1.4) (< netstandard1.5) (< monoandroid) (< wpa81)) (&& (< net45) (>= netstandard1.5) (< netstandard1.6) (< monoandroid)) (&& (>= net46) (< netstandard1.4)) (&& (>= uap10.0) (< uap10.1)) (&& (>= netstandard1.6) (< netstandard2.0) (< monotouch) (< xamarintvos) (< xamarinwatchos) (< xamarinios) (< xamarinmac))
      System.Security.Cryptography.Encoding (>= 4.3) - restriction: || (&& (< net45) (>= netstandard1.3) (< netstandard1.4) (< monoandroid) (< wpa81)) (&& (< net45) (>= netstandard1.4) (< netstandard1.5) (< monoandroid) (< wpa81)) (&& (< net45) (>= netstandard1.5) (< netstandard1.6) (< monoandroid)) (&& (>= net46) (< netstandard1.4)) (&& (>= uap10.0) (< uap10.1)) (&& (>= netstandard1.6) (< netstandard2.0) (< monotouch) (< xamarintvos) (< xamarinwatchos) (< xamarinios) (< xamarinmac))
      System.Security.Cryptography.Primitives (>= 4.3) - restriction: || (&& (< net45) (>= netstandard1.3) (< netstandard1.4) (< monoandroid) (< wpa81)) (&& (< net45) (>= netstandard1.4) (< netstandard1.5) (< monoandroid) (< wpa81)) (&& (< net45) (>= netstandard1.5) (< netstandard1.6) (< monoandroid)) (&& (>= net46) (< netstandard1.4)) (&& (>= uap10.0) (< uap10.1)) (&& (>= netstandard1.6) (< netstandard2.0) (< monotouch) (< xamarintvos) (< xamarinwatchos) (< xamarinios) (< xamarinmac))
      System.Security.Cryptography.X509Certificates (>= 4.3) - restriction: || (&& (< net45) (>= netstandard1.3) (< netstandard1.4) (< monoandroid) (< wpa81)) (&& (< net45) (>= netstandard1.4) (< netstandard1.5) (< monoandroid) (< wpa81)) (&& (< net45) (>= netstandard1.5) (< netstandard1.6) (< monoandroid)) (&& (>= net46) (< netstandard1.4)) (&& (>= uap10.0) (< uap10.1)) (&& (>= netstandard1.6) (< netstandard2.0) (< monotouch) (< xamarintvos) (< xamarinwatchos) (< xamarinios) (< xamarinmac))
      System.Xml.ReaderWriter (>= 4.3) - restriction: || (&& (< net45) (>= netstandard1.1) (< portable-net451+win81+wpa81)) (&& (< net45) (>= netstandard1.2) (< netstandard1.3) (< monoandroid) (< wpa81)) (&& (< net45) (>= netstandard1.3) (< netstandard1.4) (< monoandroid) (< wpa81)) (&& (< net45) (>= netstandard1.4) (< netstandard1.5) (< monoandroid) (< wpa81)) (&& (< net45) (>= netstandard1.5) (< netstandard1.6) (< monoandroid)) (&& (>= net46) (< netstandard1.4)) (&& (>= uap10.0) (< uap10.1)) (&& (>= netstandard1.0) (< portable-net45+win8+wpa81)) (&& (>= netstandard1.6) (< netstandard2.0) (< monotouch) (< xamarintvos) (< xamarinwatchos) (< xamarinios) (< xamarinmac))
    Newtonsoft.Json (10.0.3) - restriction: >= net452
    OneOf (2.1.104) - restriction: >= net462
    System.AppContext (4.3) - restriction: || (&& (< net45) (>= net452) (>= netstandard1.3) (< netstandard1.4)) (&& (< net45) (>= net452) (>= netstandard1.4) (< netstandard1.5)) (&& (< net45) (>= net452) (>= netstandard1.5)) (&& (>= net452) (>= uap10.0)) (&& (>= net452) (>= netstandard1.6)) (&& (>= net46) (< netstandard1.4))
    System.Collections.Immutable (1.4) - restriction: >= net452
      NETStandard.Library (>= 1.6.1) - restriction: && (>= netstandard1.0) (< netstandard2.0) (< xamarinmac)
    System.Console (4.3) - restriction: || (&& (< net45) (>= net452) (>= netstandard1.3) (< netstandard1.4)) (&& (< net45) (>= net452) (>= netstandard1.4) (< netstandard1.5)) (&& (< net45) (>= net452) (>= netstandard1.5)) (&& (>= net452) (>= uap10.0)) (&& (>= net452) (>= netstandard1.6)) (&& (>= net46) (< netstandard1.4))
    System.Globalization.Calendars (4.3) - restriction: || (&& (< net45) (>= net452) (>= netstandard1.3) (< netstandard1.4)) (&& (< net45) (>= net452) (>= netstandard1.4) (< netstandard1.5)) (&& (< net45) (>= net452) (>= netstandard1.5)) (&& (>= net452) (>= uap10.0)) (&& (>= net452) (>= netstandard1.6)) (&& (>= net46) (< netstandard1.4))
    System.Interactive (3.1.1) - restriction: >= net452
    System.IO.Compression (4.3) - restriction: || (&& (< net45) (>= net452) (>= netstandard1.3) (< netstandard1.4)) (&& (< net45) (>= net452) (< netstandard1.3)) (&& (< net45) (>= net452) (>= netstandard1.4) (< netstandard1.5)) (&& (< net45) (>= net452) (>= netstandard1.5)) (&& (< net45) (>= net452) (< portable-net451+win81+wpa81)) (&& (>= net452) (>= uap10.0)) (&& (>= net452) (>= netstandard1.6)) (&& (>= net46) (< netstandard1.4))
    System.IO.Compression.ZipFile (4.3) - restriction: || (&& (< net45) (>= net452) (>= netstandard1.3) (< netstandard1.4)) (&& (< net45) (>= net452) (>= netstandard1.4) (< netstandard1.5)) (&& (< net45) (>= net452) (>= netstandard1.5)) (&& (>= net452) (>= uap10.0)) (&& (>= net452) (>= netstandard1.6)) (&& (>= net46) (< netstandard1.4))
    System.IO.FileSystem (4.3) - restriction: || (&& (< net45) (>= net452) (>= netstandard1.3) (< netstandard1.4)) (&& (< net45) (>= net452) (>= netstandard1.4) (< netstandard1.5)) (&& (< net45) (>= net452) (>= netstandard1.5)) (&& (>= net452) (>= uap10.0)) (&& (>= net452) (>= netstandard1.6)) (&& (>= net46) (< netstandard1.4))
      System.IO.FileSystem.Primitives (>= 4.3) - restriction: || (>= net46) (&& (>= netstandard1.3) (< monotouch) (< xamarintvos) (< xamarinwatchos) (< xamarinios) (< xamarinmac))
    System.IO.FileSystem.Primitives (4.3) - restriction: || (&& (< net45) (>= net452) (>= netstandard1.3) (< netstandard1.4)) (&& (< net45) (>= net452) (>= netstandard1.4) (< netstandard1.5)) (&& (< net45) (>= net452) (>= netstandard1.5)) (&& (< net45) (>= net46) (>= netstandard1.4) (< netstandard1.5)) (&& (< net45) (>= net46) (>= netstandard1.5)) (&& (>= net452) (>= uap10.0)) (&& (>= net452) (>= netstandard1.6)) (&& (>= net46) (>= uap10.0)) (&& (>= net46) (< netstandard1.4)) (&& (>= net46) (>= netstandard1.6))
    System.Net.Http (4.3.2) - restriction: || (&& (< net45) (>= net452) (>= netstandard1.3) (< netstandard1.4)) (&& (< net45) (>= net452) (< netstandard1.3)) (&& (< net45) (>= net452) (>= netstandard1.4) (< netstandard1.5)) (&& (< net45) (>= net452) (>= netstandard1.5)) (&& (< net45) (>= net452) (< portable-net451+win81+wpa81)) (&& (>= net452) (>= uap10.0)) (&& (>= net452) (>= netstandard1.6)) (&& (>= net46) (< netstandard1.4))
      System.Security.Cryptography.X509Certificates (>= 4.3) - restriction: || (&& (< net45) (>= netstandard1.3) (< netstandard1.6) (< monoandroid) (< win8) (< wpa81)) (>= net46) (>= dnxcore50) (&& (>= netstandard1.6) (< monotouch) (< xamarintvos) (< xamarinwatchos) (< xamarinios) (< xamarinmac))
    System.Net.Sockets (4.3) - restriction: || (&& (< net45) (>= net452) (>= netstandard1.3) (< netstandard1.4)) (&& (< net45) (>= net452) (>= netstandard1.4) (< netstandard1.5)) (&& (< net45) (>= net452) (>= netstandard1.5)) (&& (>= net452) (>= uap10.0)) (&& (>= net452) (>= netstandard1.6)) (&& (>= net46) (< netstandard1.4))
    System.Reactive (3.1.1) - restriction: >= net452
      System.Reactive.PlatformServices (>= 3.1.1)
      System.Reactive.Windows.Threading (>= 3.1.1) - restriction: || (>= net45) (>= win81) (>= wpa81)
    System.Reactive.Core (3.1.1) - restriction: >= net452
      System.Reactive.Interfaces (>= 3.1.1) - restriction: >= netstandard1.0
    System.Reactive.Interfaces (3.1.1) - restriction: >= net452
    System.Reactive.Linq (3.1.1) - restriction: >= net452
      System.Reactive.Core (>= 3.1.1) - restriction: >= netstandard1.0
    System.Reactive.PlatformServices (3.1.1) - restriction: >= net452
      System.Reactive.Linq (>= 3.1.1)
    System.Reactive.Windows.Threading (3.1.1) - restriction: >= net452
      System.Reactive.Core (>= 3.1.1)
    System.Runtime.InteropServices.RuntimeInformation (4.3) - restriction: || (&& (< net45) (>= net452) (>= netstandard1.3) (< netstandard1.4)) (&& (< net45) (>= net452) (>= netstandard1.4) (< netstandard1.5)) (&& (< net45) (>= net452) (>= netstandard1.5)) (&& (>= net452) (>= uap10.0)) (&& (>= net452) (< netstandard1.0)) (&& (>= net452) (< netstandard1.3)) (&& (>= net452) (>= netstandard1.6)) (&& (>= net452) (< portable-net451+win81+wpa81)) (&& (>= net46) (< netstandard1.4))
    System.Security.Cryptography.Algorithms (4.3) - restriction: || (&& (< net45) (>= net452) (>= netstandard1.3) (< netstandard1.4)) (&& (< net45) (>= net452) (>= netstandard1.4) (< netstandard1.5)) (&& (< net45) (>= net452) (>= netstandard1.5)) (&& (>= net452) (>= uap10.0)) (&& (>= net452) (>= netstandard1.6)) (&& (>= net46) (< netstandard1.4))
      System.Security.Cryptography.Primitives (>= 4.3) - restriction: || (&& (>= net46) (< netstandard1.4)) (&& (< net46) (>= netstandard1.3) (< netstandard1.4) (< monoandroid)) (&& (< net46) (>= netstandard1.4) (< netstandard1.6) (< monoandroid)) (>= net461) (>= dnxcore50) (&& (>= netstandard1.6) (< monotouch) (< xamarintvos) (< xamarinwatchos) (< xamarinios) (< xamarinmac))
    System.Security.Cryptography.Encoding (4.3) - restriction: || (&& (< net45) (>= net452) (>= netstandard1.3) (< netstandard1.4)) (&& (< net45) (>= net452) (>= netstandard1.4) (< netstandard1.5)) (&& (< net45) (>= net452) (>= netstandard1.5)) (&& (>= net452) (>= uap10.0)) (&& (>= net452) (>= netstandard1.6)) (&& (>= net46) (< netstandard1.4))
    System.Security.Cryptography.Primitives (4.3) - restriction: || (&& (< net45) (>= net452) (>= netstandard1.3) (< netstandard1.4)) (&& (< net45) (>= net452) (>= netstandard1.4) (< netstandard1.5)) (&& (< net45) (>= net452) (>= netstandard1.5)) (&& (< net45) (>= net461) (>= netstandard1.5)) (&& (< net45) (>= net461) (< netstandard1.5)) (&& (>= net452) (>= uap10.0)) (&& (>= net452) (>= dnxcore50) (>= netstandard1.3)) (&& (>= net452) (>= dnxcore50) (>= netstandard1.4)) (&& (>= net452) (>= dnxcore50) (>= netstandard1.5)) (&& (>= net452) (>= netstandard1.6)) (&& (>= net46) (>= dnxcore50)) (&& (>= net46) (< netstandard1.4)) (&& (>= net461) (>= uap10.0)) (&& (>= net461) (< netstandard1.4)) (&& (>= net461) (>= netstandard1.6))
    System.Security.Cryptography.X509Certificates (4.3) - restriction: || (&& (< net45) (>= net452) (>= netstandard1.3) (< netstandard1.4)) (&& (< net45) (>= net452) (>= netstandard1.3) (< portable-net451+win81+wpa81)) (&& (< net45) (>= net452) (>= netstandard1.4) (< netstandard1.5)) (&& (< net45) (>= net452) (>= netstandard1.5)) (&& (< net45) (>= net46) (< netstandard1.3)) (&& (< net45) (>= net46) (>= netstandard1.4) (< netstandard1.5)) (&& (< net45) (>= net46) (>= netstandard1.5)) (&& (< net45) (>= net46) (< portable-net451+win81+wpa81)) (&& (>= net452) (>= uap10.0)) (&& (>= net452) (>= dnxcore50)) (&& (>= net452) (>= netstandard1.6)) (&& (>= net46) (>= uap10.0)) (&& (>= net46) (>= dnxcore50)) (&& (>= net46) (< netstandard1.4)) (&& (>= net46) (>= netstandard1.6))
      System.Security.Cryptography.Algorithms (>= 4.3) - restriction: || (&& (>= net46) (< netstandard1.4)) (&& (< net46) (>= netstandard1.3) (< netstandard1.4) (< monoandroid)) (&& (< net46) (>= netstandard1.4) (< netstandard1.6) (< monoandroid)) (>= net461) (>= dnxcore50) (&& (>= netstandard1.6) (< monotouch) (< xamarintvos) (< xamarinwatchos) (< xamarinios) (< xamarinmac))
      System.Security.Cryptography.Encoding (>= 4.3) - restriction: || (&& (>= net46) (< netstandard1.4)) (&& (< net46) (>= netstandard1.3) (< netstandard1.4) (< monoandroid)) (&& (< net46) (>= netstandard1.4) (< netstandard1.6) (< monoandroid)) (>= net461) (>= dnxcore50) (&& (>= netstandard1.6) (< monotouch) (< xamarintvos) (< xamarinwatchos) (< xamarinios) (< xamarinmac))
    System.ValueTuple (4.4) - restriction: >= net462
    System.Xml.ReaderWriter (4.3) - restriction: || (&& (< net45) (>= net452) (>= netstandard1.3) (< netstandard1.4)) (&& (< net45) (>= net452) (< netstandard1.3)) (&& (< net45) (>= net452) (>= netstandard1.4) (< netstandard1.5)) (&& (< net45) (>= net452) (>= netstandard1.5)) (&& (< net45) (>= net452) (< portable-net451+win81+wpa81)) (&& (>= net452) (>= uap10.0)) (&& (>= net452) (>= netstandard1.6)) (&& (>= net452) (< portable-net45+win8+wpa81)) (&& (>= net46) (< netstandard1.4))
    xunit (2.2) - restriction: >= net452
      xunit.assert (2.2)
      xunit.core (2.2)
    xunit.abstractions (2.0.1) - restriction: >= net452
    xunit.assert (2.2) - restriction: >= net452
    xunit.core (2.2) - restriction: >= net452
      xunit.extensibility.core (2.2)
      xunit.extensibility.execution (2.2)
    xunit.extensibility.core (2.2) - restriction: >= net452
      xunit.abstractions (>= 2.0.1) - restriction: >= netstandard1.1
    xunit.extensibility.execution (2.2) - restriction: >= net452
      xunit.extensibility.core (2.2) - restriction: >= netstandard1.1
